PATH
  remote: .
  specs:
    baran (0.1.12)

GEM
  remote: https://rubygems.org/
  specs:
    minitest (5.21.2)
    rake (13.1.0)

PLATFORMS
  arm64-darwin-22
  x86_64-linux

DEPENDENCIES
  baran!
  minitest (~> 5.21)
  rake (~> 13.1)

BUNDLED WITH
   2.4.7
